PATH
  remote: .
  specs:
    forkit (0.1.1-java)

GEM
  remote: http://rubygems.org/
  specs:
    diff-lcs (1.1.3)
    metaclass (0.0.1)
    mocha (0.10.0)
      metaclass (~> 0.0.1)
    rake (0.9.2.2)
    rspec (2.7.0)
      rspec-core (~> 2.7.0)
      rspec-expectations (~> 2.7.0)
      rspec-mocks (~> 2.7.0)
    rspec-core (2.7.1)
    rspec-expectations (2.7.0)
      diff-lcs (~> 1.1.2)
    rspec-mocks (2.7.0)
    watchr (0.7)

PLATFORMS
  java

DEPENDENCIES
  forkit!
  mocha (~> 0.9)
  rake
  rspec (~> 2.7)
  watchr (~> 0.6)
